GEM
  remote: https://rubygems.org/
  specs:
    colorize (0.7.7)
    curses (1.0.1)
    io (0.0.1)

PLATFORMS
  ruby

DEPENDENCIES
  colorize
  curses
  io

BUNDLED WITH
   1.10.5
