GEM
  remote: https://rubygems.org/
  specs:
    colorize (0.7.7)
    io-console (0.4.3)

PLATFORMS
  ruby

DEPENDENCIES
  colorize
  io-console

BUNDLED WITH
   1.10.5
