GEM
  remote: https://rubygems.org/
  specs:
    colorize (0.7.7)
    io (0.0.1)

PLATFORMS
  ruby

DEPENDENCIES
  colorize
  io
